GEM
  remote: https://rubygems.org/
  specs:
    google_plus (0.2.2)
      json
      rest-client (~> 1.6.1)
    json (1.8.0)
    mime-types (1.23)
    rack (1.5.2)
    rack-protection (1.5.0)
      rack
    rest-client (1.6.7)
      mime-types (>= 1.16)
    sinatra (1.4.3)
      rack (~> 1.4)
      rack-protection (~> 1.4)
      tilt (~> 1.3, >= 1.3.4)
    tilt (1.4.1)

PLATFORMS
  ruby

DEPENDENCIES
  google_plus
  sinatra
